GEM
  remote: https://rubygems.org/
  specs:
    ast (2.4.0)
    backports (3.12.0)
    bson (1.12.5)
    bson_ext (1.12.5)
      bson (~> 1.12.5)
    concurrent-ruby (1.1.4)
    et-orbi (1.1.7)
      tzinfo
    faraday (0.15.4)
      multipart-post (>= 1.2, < 3)
    fugit (1.1.8)
      et-orbi (~> 1.1, >= 1.1.7)
      raabro (~> 1.1)
    haml (5.0.4)
      temple (>= 0.8.0)
      tilt
    jaro_winkler (1.5.2)
    multi_json (1.13.1)
    multipart-post (2.0.0)
    mustermann (1.0.3)
    parallel (1.13.0)
    parser (2.6.0.0)
      ast (~> 2.4.0)
    power_assert (1.1.3)
    powerpack (0.1.2)
    prometheus-client (0.9.0)
      quantile (~> 0.2.1)
    psych (3.1.0)
    puma (3.12.0)
    quantile (0.2.1)
    raabro (1.1.6)
    rack (2.0.6)
    rack-protection (2.0.5)
      rack
    rack-test (1.1.0)
      rack (>= 1.0, < 3)
    rainbow (3.0.0)
    rubocop (0.65.0)
      jaro_winkler (~> 1.5.1)
      parallel (~> 1.10)
      parser (>= 2.5, != 2.5.1.1)
      powerpack (~> 0.1)
      psych (>= 3.1.0)
      rainbow (>= 2.2.2, < 4.0)
      ruby-progressbar (~> 1.7)
      unicode-display_width (~> 1.4.0)
    ruby-progressbar (1.10.0)
    rufus-scheduler (3.5.2)
      fugit (~> 1.1, >= 1.1.5)
    sinatra (2.0.5)
      mustermann (~> 1.0)
      rack (~> 2.0)
      rack-protection (= 2.0.5)
      tilt (~> 2.0)
    sinatra-contrib (2.0.5)
      backports (>= 2.8.2)
      multi_json
      mustermann (~> 1.0)
      rack-protection (= 2.0.5)
      sinatra (= 2.0.5)
      tilt (>= 1.3, < 3)
    sucker_punch (2.1.1)
      concurrent-ruby (~> 1.0)
    temple (0.8.0)
    test-unit (3.3.0)
      power_assert
    tilt (2.0.9)
    tzinfo (2.0.0)
      concurrent-ruby (~> 1.0)
    tzinfo-data (1.2018.9)
      tzinfo (>= 1.0.0)
    unicode-display_width (1.4.1)
    zipkin-tracer (0.32.3)
      faraday (~> 0.8)
      rack (>= 1.0)
      sucker_punch (~> 2.0)

PLATFORMS
  ruby

DEPENDENCIES
  bson_ext
  faraday
  haml
  prometheus-client
  puma
  rack (>= 2.0.6)
  rack-test
  rubocop (~> 0.65.0)
  rufus-scheduler
  sinatra (~> 2.0.2)
  sinatra-contrib (~> 2.0.2)
  test-unit
  tzinfo-data
  zipkin-tracer

BUNDLED WITH
   1.16.6
